GEM
  remote: http://rubygems.org/
  specs:
    builder (3.2.2)
    childprocess (0.5.6)
      ffi (~> 1.0, >= 1.0.11)
    coderay (1.1.0)
    cucumber (2.0.0)
      builder (>= 2.1.2)
      cucumber-core (~> 1.1.3)
      diff-lcs (>= 1.1.3)
      gherkin (~> 2.12)
      multi_json (>= 1.7.5, < 2.0)
      multi_test (>= 0.1.2)
    cucumber-core (1.1.3)
      gherkin (~> 2.12.0)
    data_magic (0.20)
      faker (>= 1.1.2)
      yml_reader (>= 0.4)
    diff-lcs (1.2.5)
    faker (1.4.3)
      i18n (~> 0.5)
    ffi (1.9.8)
    gherkin (2.12.2)
      multi_json (~> 1.3)
    i18n (0.7.0)
    method_source (0.8.2)
    multi_json (1.11.0)
    multi_test (0.1.2)
    page-object (1.0.3)
      page_navigation (>= 0.9)
      selenium-webdriver (>= 2.44.0)
      watir-webdriver (>= 0.6.11)
    page_navigation (0.9)
      data_magic (>= 0.14)
    pry (0.10.1)
      coderay (~> 1.1.0)
      method_source (~> 0.8.1)
      slop (~> 3.4)
    rspec (3.2.0)
      rspec-core (~> 3.2.0)
      rspec-expectations (~> 3.2.0)
      rspec-mocks (~> 3.2.0)
    rspec-core (3.2.3)
      rspec-support (~> 3.2.0)
    rspec-expectations (3.2.1)
      diff-lcs (>= 1.2.0, < 2.0)
      rspec-support (~> 3.2.0)
    rspec-mocks (3.2.1)
      diff-lcs (>= 1.2.0, < 2.0)
      rspec-support (~> 3.2.0)
    rspec-support (3.2.2)
    rubyzip (1.1.7)
    selenium-webdriver (2.45.0)
      childprocess (~> 0.5)
      multi_json (~> 1.0)
      rubyzip (~> 1.0)
      websocket (~> 1.0)
    slop (3.6.0)
    touch_action (1.3.2)
    watir-webdriver (0.7.0)
      selenium-webdriver (>= 2.45)
    websocket (1.2.2)
    yml_reader (0.5)

PLATFORMS
  ruby

DEPENDENCIES
  cucumber
  page-object
  pry
  rspec
  touch_action (= 1.3.2)
